GEM
  remote: https://rubygems.org/
  specs:
    kramdown (1.16.2)
    pdf-core (0.7.0)
    prawn (2.2.2)
      pdf-core (~> 0.7.0)
      ttfunk (~> 1.5)
    ttfunk (1.5.1)

PLATFORMS
  ruby

DEPENDENCIES
  kramdown
  prawn

BUNDLED WITH
   1.16.1
